GEM
  remote: http://rubygems.org/
  specs:
    json (1.5.3)
    kensa (1.1.3)
      launchy (>= 0.3.2)
      mechanize (~> 1.0.0)
      rest-client (>= 1.4.0, < 1.7.0)
      term-ansicolor (~> 1.0)
      yajl-ruby (~> 0.6)
    launchy (2.0.3)
    mechanize (1.0.0)
      nokogiri (>= 1.2.1)
    mime-types (1.16)
    nokogiri (1.5.0)
    rack (1.3.1)
    rest-client (1.6.3)
      mime-types (>= 1.16)
    sinatra (1.2.6)
      rack (~> 1.1)
      tilt (< 2.0, >= 1.2.2)
    term-ansicolor (1.0.5)
    tilt (1.3.2)
    yajl-ruby (0.8.2)

PLATFORMS
  ruby

DEPENDENCIES
  json
  kensa
  sinatra
